GEM
  remote: https://rubygems.org/
  specs:
    colorizr (0.0.1)

PLATFORMS
  ruby

DEPENDENCIES
  colorizr

BUNDLED WITH
   1.11.2
